GEM
  remote: https://rubygems.org/
  specs:
    coderay (1.1.3)
    method_source (1.0.0)
    nio4r (2.5.9)
    pry (0.14.2)
      coderay (~> 1.1)
      method_source (~> 1.0)
    puma (6.4.0)
      nio4r (~> 2.0)
    rack (2.2.8)
    serialport (1.3.2)

PLATFORMS
  ruby

DEPENDENCIES
  pry
  puma
  rack
  serialport

BUNDLED WITH
   2.2.3
